GEM
  remote: http://rubygems.org/
  specs:
    diff-lcs (1.1.3)
    rake (13.0.1)
    rspec (2.10.0)
      rspec-core (~> 2.10.0)
      rspec-expectations (~> 2.10.0)
      rspec-mocks (~> 2.10.0)
    rspec-core (2.10.1)
    rspec-expectations (2.10.0)
      diff-lcs (~> 1.1.3)
    rspec-mocks (2.10.1)
    serialport (1.1.0)

PLATFORMS
  ruby

DEPENDENCIES
  rake (>= 12.3.3)
  rspec
  serialport (>= 1.1.0)

BUNDLED WITH
   1.17.3
